GEM
  remote: https://rubygems.org/
  specs:
    backports (3.3.5)
    coffee-script (2.2.0)
      coffee-script-source
      execjs
    coffee-script-source (1.6.3)
    execjs (2.0.2)
    jsmin (1.0.1)
    multi_json (1.8.2)
    paint (0.8.6)
    rack (1.5.2)
    rack-flash3 (1.0.5)
      rack
    rack-protection (1.5.1)
      rack
    rack-test (0.6.2)
      rack (>= 1.0)
    sass (3.2.12)
    sinatra (1.4.4)
      rack (~> 1.4)
      rack-protection (~> 1.4)
      tilt (~> 1.3, >= 1.3.4)
    sinatra-chassis (1.1.1)
      coffee-script (>= 2.2.0)
      paint (>= 0.8.6)
      rack-flash3 (>= 1.0.3)
      rack-test (>= 0.6.2)
      sass (>= 3.2.9)
      sinatra (>= 1.4.3)
    sinatra-contrib (1.4.1)
      backports (>= 2.0)
      multi_json
      rack-protection
      rack-test
      sinatra (~> 1.4.0)
      tilt (~> 1.3)
    tilt (1.4.1)

PLATFORMS
  ruby

DEPENDENCIES
  coffee-script (>= 2.2.0)
  jsmin (>= 1.0.1)
  sass (>= 3.2.9)
  sinatra (>= 1.4.3)
  sinatra-chassis (>= 1.1.1)
  sinatra-contrib (>= 1.4.0)
